GEM
  remote: https://rubygems.org/
  specs:
    ast (2.2.0)
    json (1.8.3)
    parser (2.3.0.3)
      ast (~> 2.2)
    powerpack (0.1.1)
    rainbow (2.0.0)
    rake (10.5.0)
    rubocop (0.37.0)
      parser (>= 2.3.0.2, < 3.0)
      powerpack (~> 0.1)
      rainbow (>= 1.99.1, < 3.0)
      ruby-progressbar (~> 1.7)
      unicode-display_width (~> 0.3)
    ruby-progressbar (1.7.5)
    unicode-display_width (0.3.1)

PLATFORMS
  ruby

DEPENDENCIES
  json
  rainbow (= 2.0.0)
  rake
  rubocop (= 0.37.0)

BUNDLED WITH
   1.11.2
